GEM
  remote: https://rubygems.org/
  specs:
    bump (0.9.0)
    mustache (1.1.1)

PLATFORMS
  ruby

DEPENDENCIES
  bump (~> 0.9)
  mustache (~> 1.0)

BUNDLED WITH
   1.17.3
